PATH
  remote: .
  specs:
    yyrp (0.1.2)
      activesupport
      awesome_print
      bettercap
      celluloid-dns
      certificate_authority
      colorize
      dot_hash
      eventmachine
      faraday
      get_process_mem
      http_parser.rb
      ipaddress
      logging
      maxminddb
      net-ping
      ohai
      os
      packetfu
      paint
      public_suffix
      ruby-progressbar
      uuid
      vmstat
      webrick
      websocket-driver
      websocket-extensions
      whirly

GEM
  remote: https://rubygems.org/
  specs:
    activemodel (5.2.2.1)
      activesupport (= 5.2.2.1)
    activesupport (5.2.2.1)
      concurrent-ruby (~> 1.0, >= 1.0.2)
      i18n (>= 0.7, < 2)
      minitest (~> 5.1)
      tzinfo (~> 1.1)
    addressable (2.6.0)
      public_suffix (>= 2.0.2, < 4.0)
    awesome_print (1.8.0)
    bettercap (1.3.3)
      colorize (~> 0.7.5)
      net-dns (~> 0.8.0)
      network_interface (~> 0.0.1)
      packetfu (~> 1.1, >= 1.1.10)
      pcaprub (~> 0.12.0)
    celluloid (0.17.4)
      celluloid-essentials
      celluloid-extras
      celluloid-fsm
      celluloid-pool
      celluloid-supervision
      timers (>= 4.1.1)
    celluloid-dns (0.17.3)
      celluloid (~> 0.17.3)
      celluloid-io (~> 0.17.3)
      timers (~> 4.1.0)
    celluloid-essentials (0.20.5)
      timers (>= 4.1.1)
    celluloid-extras (0.20.5)
      timers (>= 4.1.1)
    celluloid-fsm (0.20.5)
      timers (>= 4.1.1)
    celluloid-io (0.17.3)
      celluloid (>= 0.17.2)
      nio4r (>= 1.1)
      timers (>= 4.1.1)
    celluloid-pool (0.20.5)
      timers (>= 4.1.1)
    celluloid-supervision (0.20.6)
      timers (>= 4.1.1)
    certificate_authority (0.1.6)
      activemodel (>= 3.0.6)
    chef-config (14.11.21)
      addressable
      fuzzyurl
      mixlib-config (>= 2.2.12, < 3.0)
      mixlib-shellout (~> 2.0)
      tomlrb (~> 1.2)
    colorize (0.7.7)
    concurrent-ruby (1.1.5)
    dot_hash (1.1.8)
    eventmachine (1.2.7)
    faraday (0.15.4)
      multipart-post (>= 1.2, < 3)
    ffi (1.10.0)
    ffi-yajl (2.3.1)
      libyajl2 (~> 1.2)
    fuzzyurl (0.9.0)
    get_process_mem (0.2.3)
    hitimes (1.3.1)
    http_parser.rb (0.6.0)
    i18n (1.6.0)
      concurrent-ruby (~> 1.0)
    ipaddress (0.8.3)
    libyajl2 (1.2.0)
    little-plugger (1.1.4)
    logging (2.2.2)
      little-plugger (~> 1.1)
      multi_json (~> 1.10)
    macaddr (1.7.1)
      systemu (~> 2.6.2)
    maxminddb (0.1.22)
    minitest (5.11.3)
    mixlib-cli (2.0.3)
    mixlib-config (2.2.18)
      tomlrb
    mixlib-log (3.0.1)
    mixlib-shellout (2.4.4)
    multi_json (1.13.1)
    multipart-post (2.0.0)
    net-dns (0.8.0)
    net-ping (2.0.5)
    network_interface (0.0.2)
    nio4r (2.3.1)
    ohai (14.8.11)
      chef-config (>= 12.8, < 15)
      ffi (~> 1.9)
      ffi-yajl (~> 2.2)
      ipaddress
      mixlib-cli (>= 1.7.0)
      mixlib-config (>= 2.0, < 4.0)
      mixlib-log (>= 2.0.1, < 4.0)
      mixlib-shellout (>= 2.0, < 4.0)
      plist (~> 3.1)
      systemu (~> 2.6.4)
      wmi-lite (~> 1.0)
    os (1.0.0)
    packetfu (1.1.13)
      pcaprub
    paint (2.1.0)
    pcaprub (0.12.4)
    plist (3.5.0)
    public_suffix (3.0.3)
    rake (12.3.2)
    ruby-progressbar (1.10.0)
    systemu (2.6.5)
    thread_safe (0.3.6)
    timers (4.1.2)
      hitimes
    tomlrb (1.2.8)
    tzinfo (1.2.5)
      thread_safe (~> 0.1)
    unicode-display_width (1.5.0)
    uuid (2.3.9)
      macaddr (~> 1.0)
    vmstat (2.3.1)
    webrick (1.4.2)
    websocket-driver (0.7.0)
      websocket-extensions (>= 0.1.0)
    websocket-extensions (0.1.3)
    whirly (0.2.6)
      unicode-display_width (~> 1.1)
    wmi-lite (1.0.2)

PLATFORMS
  ruby

DEPENDENCIES
  bundler
  minitest
  rake
  yyrp!

BUNDLED WITH
   1.17.3
